GEM
  specs:
    minima (1.2.0)

PLATFORMS
  ruby

DEPENDENCIES
  minima

BUNDLED WITH
   1.13.6
